GEM
  remote: https://ruby.taobao.org/
  specs:
    eventmachine (1.0.4)

PLATFORMS
  ruby

DEPENDENCIES
  eventmachine
